GEM
  remote: https://rubygems.org/
  specs:
    awesome_print (1.9.2)
    cgi (0.3.5)
    minitest (5.15.0)
    nokogiri (1.13.6-x86_64-linux)
      racc (~> 1.4)
    racc (1.6.0)
    rack (1.6.13)
    rack-protection (1.5.5)
      rack
    rack-test (1.1.0)
      rack (>= 1.0, < 3)
    rexml (3.2.5)
    rss (0.2.9)
      rexml
    sinatra (1.4.8)
      rack (~> 1.5)
      rack-protection (~> 1.4)
      tilt (>= 1.3, < 3)
    tilt (2.0.10)
    webrick (1.7.0)

PLATFORMS
  x86_64-linux
  x86_64-linux-musl

DEPENDENCIES
  awesome_print
  cgi
  minitest
  nokogiri
  rack
  rack-test
  rss
  sinatra (~> 1.4.0)
  webrick

BUNDLED WITH
   2.3.7
