GEM
  remote: https://rubygems.org/
  specs:
    awesome_print (1.9.2)
    cgi (0.3.2)
    minitest (5.15.0)
    mustermann (2.0.2)
      ruby2_keywords (~> 0.0.1)
    nokogiri (1.13.6-x86_64-linux)
      racc (~> 1.4)
    racc (1.6.0)
    rack (2.2.4)
    rack-protection (2.2.3)
      rack
    rack-test (2.0.2)
      rack (>= 1.3)
    rexml (3.2.5)
    rss (0.2.9)
      rexml
    ruby2_keywords (0.0.5)
    sinatra (2.2.3)
      mustermann (~> 2.0)
      rack (~> 2.2)
      rack-protection (= 2.2.3)
      tilt (~> 2.0)
    tilt (2.0.11)
    webrick (1.7.0)

PLATFORMS
  x86_64-linux
  x86_64-linux-musl

DEPENDENCIES
  awesome_print
  cgi
  minitest
  nokogiri
  rack
  rack-test
  rss
  sinatra (~> 2.2.3)
  webrick

BUNDLED WITH
   2.3.7
