GEM
  remote: https://rubygems.org/
  specs:
    haml (4.0.3)
      tilt
    iron_cache (1.4.0)
      iron_core (>= 0.5.1)
    iron_core (0.6.2)
      rest (>= 2.2.0)
    mime-types (1.23)
    minitest (4.4.0)
    net-http-persistent (2.8)
    nokogiri (1.5.6)
    puma (1.6.3)
      rack (~> 1.2)
    rack (1.4.4)
    rack-protection (1.3.2)
      rack
    rack-test (0.6.2)
      rack (>= 1.0)
    rest (2.6.3)
      net-http-persistent
      rest-client (>= 0.3.0)
    rest-client (1.6.7)
      mime-types (>= 1.16)
    sass (3.2.5)
    sinatra (1.3.3)
      rack (~> 1.3, >= 1.3.6)
      rack-protection (~> 1.2)
      tilt (~> 1.3, >= 1.3.3)
    tilt (1.3.3)

PLATFORMS
  ruby

DEPENDENCIES
  haml (~> 4.0.0)
  iron_cache
  minitest
  nokogiri
  puma
  rack-test
  sass
  sinatra
