GEM
  remote: https://rubygems.org/
  specs:
    haml (3.1.7)
    minitest (4.4.0)
    nokogiri (1.5.6)
    rack (1.4.4)
    rack-protection (1.3.2)
      rack
    rack-test (0.6.2)
      rack (>= 1.0)
    sass (3.2.5)
    sinatra (1.3.3)
      rack (~> 1.3, >= 1.3.6)
      rack-protection (~> 1.2)
      tilt (~> 1.3, >= 1.3.3)
    tilt (1.3.3)

PLATFORMS
  ruby

DEPENDENCIES
  haml
  minitest
  nokogiri
  rack-test
  sass
  sinatra
