GEM
  remote: https://rubygems.org/
  specs:
    dalli (2.6.4)
    haml (4.0.3)
      tilt
    memcachier (0.0.2)
    mina (0.3.0)
      open4
      rake
    minitest (4.4.0)
    nokogiri (1.5.6)
    open4 (1.3.0)
    puma (1.6.3)
      rack (~> 1.2)
    rack (1.5.2)
    rack-cache (1.2)
      rack (>= 0.4)
    rack-protection (1.5.0)
      rack
    rack-test (0.6.2)
      rack (>= 1.0)
    rake (10.1.1)
    sass (3.2.5)
    sinatra (1.4.3)
      rack (~> 1.4)
      rack-protection (~> 1.4)
      tilt (~> 1.3, >= 1.3.4)
    tilt (1.4.1)

PLATFORMS
  ruby

DEPENDENCIES
  dalli
  haml (~> 4.0.0)
  memcachier
  mina
  minitest
  nokogiri
  puma
  rack-cache
  rack-test
  sass
  sinatra (~> 1.4.0)
