GEM
  remote: https://rubygems.org/
  specs:
    awesome_print (1.6.1)
    dalli (2.6.4)
    memcachier (0.0.2)
    mina (0.3.0)
      open4
      rake
    mini_portile2 (2.5.3)
    minitest (4.4.0)
    nokogiri (1.11.4)
      mini_portile2 (~> 2.5.0)
      racc (~> 1.4)
    open4 (1.3.0)
    racc (1.5.2)
    rack (1.5.5)
    rack-cache (1.2)
      rack (>= 0.4)
    rack-protection (1.5.5)
      rack
    rack-test (0.6.2)
      rack (>= 1.0)
    rake (10.1.1)
    sass (3.2.5)
    sinatra (1.4.3)
      rack (~> 1.4)
      rack-protection (~> 1.4)
      tilt (~> 1.3, >= 1.3.4)
    slim (3.0.6)
      temple (~> 0.7.3)
      tilt (>= 1.3.3, < 2.1)
    temple (0.7.6)
    tilt (1.4.1)

PLATFORMS
  ruby

DEPENDENCIES
  awesome_print
  dalli
  memcachier
  mina
  minitest
  nokogiri (~> 1.11.4)
  rack (~> 1.5.4)
  rack-cache
  rack-test
  sass
  sinatra (~> 1.4.0)
  slim

BUNDLED WITH
   1.16.1
